GEM
  remote: https://rubygems.org/
  specs:
    bookingit (0.4.0)
      gli
      mustache
      redcarpet
    gli (2.11.0)
    mustache (0.99.5)
    redcarpet (3.1.2)

PLATFORMS
  ruby

DEPENDENCIES
  bookingit
