GEM
  remote: https://rubygems.org/
  specs:
    bookingit (0.1.0)
      gli
      mustache
      redcarpet
    gli (2.9.0)
    mustache (0.99.5)
    redcarpet (3.1.1)

PLATFORMS
  ruby

DEPENDENCIES
  bookingit
